PATH
  remote: .
  specs:
    mongoid-list (0.0.1)
      mongoid (>= 2.0.0)

GEM
  remote: http://rubygems.org/
  specs:
    activemodel (3.1.1)
      activesupport (= 3.1.1)
      builder (~> 3.0.0)
      i18n (~> 0.6)
    activesupport (3.1.1)
      multi_json (~> 1.0)
    ansi (1.3.0)
    bson (1.3.1)
    bson_ext (1.3.1)
    builder (3.0.0)
    guard (0.8.8)
      thor (~> 0.14.6)
    guard-minitest (0.4.0)
      guard (~> 0.4)
    guard-spork (0.3.1)
      guard (>= 0.8.4)
      spork (>= 0.8.4)
    i18n (0.6.0)
    mini_shoulda (0.4.0)
      minitest (> 2.1.0)
    minitest (2.7.0)
    mongo (1.3.1)
      bson (>= 1.3.1)
    mongoid (2.2.3)
      activemodel (~> 3.0)
      mongo (~> 1.3)
      tzinfo (~> 0.3.22)
    multi_json (1.0.3)
    spork (0.9.0.rc9)
    spork-testunit (0.0.6)
      spork (>= 0.6.0)
    thor (0.14.6)
    turn (0.8.3)
      ansi
    tzinfo (0.3.30)

PLATFORMS
  ruby

DEPENDENCIES
  bson_ext
  guard-minitest (>= 0.4.0)
  guard-spork (>= 0.3.1)
  mini_shoulda (>= 0.4.0)
  minitest (>= 2.7.0)
  mongoid-list!
  spork (>= 0.9.0.rc)
  spork-testunit (>= 0.0.6)
  turn (>= 0.8.3)
